PATH
  remote: .
  specs:
    disco-navi (0.0.1)
      discordrb (~> 3.2.1)
      dotenv (~> 2.7.1)
      hashie (~> 3.6.0)
      httparty (~> 0.16.4)
      parslet (~> 1.8.2)

GEM
  remote: https://rubygems.org/
  specs:
    ast (2.4.0)
    diff-lcs (1.3)
    discordrb (3.2.1)
      discordrb-webhooks (~> 3.2.0.1)
      opus-ruby
      rbnacl (~> 3.4.0)
      rest-client
      websocket-client-simple (>= 0.3.0)
    discordrb-webhooks (3.2.0.1)
      rest-client
    domain_name (0.5.20170404)
      unf (>= 0.0.5, < 1.0.0)
    dotenv (2.7.1)
    event_emitter (0.2.6)
    ffi (1.10.0)
    ffi (1.10.0-x64-mingw32)
    ffi (1.10.0-x86-mingw32)
    hashie (3.6.0)
    http-cookie (1.0.3)
      domain_name (~> 0.5)
    httparty (0.16.4)
      mime-types (~> 3.0)
      multi_xml (>= 0.5.2)
    jaro_winkler (1.5.2)
    mime-types (3.1)
      mime-types-data (~> 3.2015)
    mime-types-data (3.2016.0521)
    multi_xml (0.6.0)
    netrc (0.11.0)
    opus-ruby (1.0.1)
      ffi
    parallel (1.14.0)
    parser (2.6.0.0)
      ast (~> 2.4.0)
    parslet (1.8.2)
    powerpack (0.1.2)
    psych (3.1.0)
    rainbow (3.0.0)
    rake (12.3.2)
    rbnacl (3.4.0)
      ffi
    rest-client (2.0.2)
      http-cookie (>= 1.0.2, < 2.0)
      mime-types (>= 1.16, < 4.0)
      netrc (~> 0.8)
    rest-client (2.0.2-x64-mingw32)
      ffi (~> 1.9)
      http-cookie (>= 1.0.2, < 2.0)
      mime-types (>= 1.16, < 4.0)
      netrc (~> 0.8)
    rest-client (2.0.2-x86-mingw32)
      ffi (~> 1.9)
      http-cookie (>= 1.0.2, < 2.0)
      mime-types (>= 1.16, < 4.0)
      netrc (~> 0.8)
    rspec (3.8.0)
      rspec-core (~> 3.8.0)
      rspec-expectations (~> 3.8.0)
      rspec-mocks (~> 3.8.0)
    rspec-core (3.8.0)
      rspec-support (~> 3.8.0)
    rspec-expectations (3.8.2)
      diff-lcs (>= 1.2.0, < 2.0)
      rspec-support (~> 3.8.0)
    rspec-mocks (3.8.0)
      diff-lcs (>= 1.2.0, < 2.0)
      rspec-support (~> 3.8.0)
    rspec-support (3.8.0)
    rubocop (0.65.0)
      jaro_winkler (~> 1.5.1)
      parallel (~> 1.10)
      parser (>= 2.5, != 2.5.1.1)
      powerpack (~> 0.1)
      psych (>= 3.1.0)
      rainbow (>= 2.2.2, < 4.0)
      ruby-progressbar (~> 1.7)
      unicode-display_width (~> 1.4.0)
    ruby-progressbar (1.10.0)
    unf (0.1.4)
      unf_ext
    unf_ext (0.0.7.4)
    unf_ext (0.0.7.4-x64-mingw32)
    unf_ext (0.0.7.4-x86-mingw32)
    unicode-display_width (1.4.1)
    websocket (1.2.4)
    websocket-client-simple (0.3.0)
      event_emitter
      websocket

PLATFORMS
  ruby
  x64-mingw32
  x86-mingw32

DEPENDENCIES
  bundler (~> 1.16.3)
  disco-navi!
  discordrb
  dotenv
  hashie
  httparty
  parslet
  rake (~> 12.3.2)
  rspec (~> 3.8.0)
  rubocop (~> 0.65.0)

BUNDLED WITH
   1.16.3
